PATH
  remote: /home/wrzasa/nauka/fast-tcpn
  specs:
    fast-tcpn (0.0.2.pre1)
      docile (~> 1.1)

PATH
  remote: /home/wrzasa/rbsim/rbsim
  specs:
    rbsim (0.0.2.pre1)
      docile (~> 1.1)
      fast-tcpn (~> 0)

GEM
  remote: https://rubygems.org/
  specs:
    coderay (1.1.1)
    docile (1.1.5)
    method_source (0.8.2)
    pry (0.10.4)
      coderay (~> 1.1.0)
      method_source (~> 0.8.1)
      slop (~> 3.4)
    slop (3.6.0)

PLATFORMS
  ruby

DEPENDENCIES
  fast-tcpn!
  pry
  rbsim!

BUNDLED WITH
   1.13.6
