GEM
  remote: https://rubygems.org/
  specs:
    coderay (1.1.1)
    docile (1.3.1)
    fast-tcpn (0.0.5)
      docile (~> 1.1)
    method_source (0.8.2)
    pry (0.10.4)
      coderay (~> 1.1.0)
      method_source (~> 0.8.1)
      slop (~> 3.4)
    rbsim (0.0.3)
      docile (~> 1.1)
      fast-tcpn (~> 0)
    slop (3.6.0)

PLATFORMS
  ruby

DEPENDENCIES
  fast-tcpn
  pry
  rbsim

BUNDLED WITH
   1.16.2
